GEM
  remote: https://rubygems.org/
  specs:
    ast (2.4.0)
    axiom-types (0.1.1)
      descendants_tracker (~> 0.0.4)
      ice_nine (~> 0.11.0)
      thread_safe (~> 0.3, >= 0.3.1)
    backport (1.1.2)
    benchmark (0.1.0)
    codeclimate-engine-rb (0.4.1)
      virtus (~> 1.0)
    coercible (1.0.0)
      descendants_tracker (~> 0.0.1)
    debase (0.2.4.1)
      debase-ruby_core_source (>= 0.10.2)
    debase-ruby_core_source (0.10.9)
    debride (1.8.2)
      path_expander (~> 1.0)
      ruby_parser (~> 3.6)
      sexp_processor (~> 4.5)
    descendants_tracker (0.0.4)
      thread_safe (~> 0.3, >= 0.3.1)
    e2mmap (0.1.0)
    equalizer (0.0.11)
    faster (0.0.1)
    ice_nine (0.11.2)
    jaro_winkler (1.5.4)
    kwalify (0.7.2)
    maruku (0.7.3)
    mini_portile2 (2.5.1)
    nokogiri (1.11.5)
      mini_portile2 (~> 2.5.0)
      racc (~> 1.4)
    parallel (1.19.1)
    parser (2.7.0.4)
      ast (~> 2.4.0)
    path_expander (1.1.0)
    psych (3.1.0)
    racc (1.5.2)
    rainbow (3.0.0)
    rake (13.0.1)
    rcodetools (0.8.5.0)
    reek (5.6.0)
      codeclimate-engine-rb (~> 0.4.0)
      kwalify (~> 0.7.0)
      parser (>= 2.5.0.0, < 2.8, != 2.5.1.1)
      psych (~> 3.1.0)
      rainbow (>= 2.0, < 4.0)
    reverse_markdown (1.4.0)
      nokogiri
    rexml (3.2.4)
    rubocop (0.80.1)
      jaro_winkler (~> 1.5.1)
      parallel (~> 1.10)
      parser (>= 2.7.0.1)
      rainbow (>= 2.2.2, < 4.0)
      rexml
      ruby-progressbar (~> 1.7)
      unicode-display_width (>= 1.4.0, < 1.7)
    ruby-debug-ide (0.7.0)
      rake (>= 0.8.1)
    ruby-lint (2.3.1)
      parser (~> 2.2)
      slop (~> 3.4, >= 3.4.7)
    ruby-progressbar (1.10.1)
    ruby_parser (3.14.2)
      sexp_processor (~> 4.9)
    sexp_processor (4.14.1)
    slop (3.6.0)
    solargraph (0.38.5)
      backport (~> 1.1)
      benchmark
      bundler (>= 1.17.2)
      e2mmap
      jaro_winkler (~> 1.5)
      maruku (~> 0.7, >= 0.7.3)
      nokogiri (~> 1.9, >= 1.9.1)
      parser (~> 2.3)
      reverse_markdown (~> 1.0, >= 1.0.5)
      rubocop (~> 0.52)
      thor (~> 1.0)
      tilt (~> 2.0)
      yard (~> 0.9)
    thor (1.0.1)
    thread_safe (0.3.6)
    tilt (2.0.10)
    unicode-display_width (1.6.1)
    virtus (1.0.5)
      axiom-types (~> 0.1)
      coercible (~> 1.0)
      descendants_tracker (~> 0.0, >= 0.0.3)
      equalizer (~> 0.0, >= 0.0.9)
    yard (0.9.24)

PLATFORMS
  ruby

DEPENDENCIES
  debase
  debride
  faster
  rcodetools
  reek
  rubocop
  ruby-debug-ide
  ruby-lint
  solargraph

BUNDLED WITH
   2.1.4
